GEM
  remote: https://rubygems.org/
  specs:
    haml (4.0.7)
      tilt
    sass (3.4.23)
    tilt (2.0.7)

PLATFORMS
  ruby

DEPENDENCIES
  haml
  sass

BUNDLED WITH
   1.14.6
